GEM
  remote: https://rubygems.org/
  specs:
    base64 (0.3.0)
    concurrent-ruby (1.3.5)
    crass (1.0.6)
    date (3.4.1)
    erb (5.0.2)
    execjs (2.10.0)
    ffi (1.17.2-aarch64-linux-gnu)
    ffi (1.17.2-aarch64-linux-musl)
    ffi (1.17.2-arm-linux-gnu)
    ffi (1.17.2-arm-linux-musl)
    ffi (1.17.2-arm64-darwin)
    ffi (1.17.2-x86_64-darwin)
    ffi (1.17.2-x86_64-linux-gnu)
    ffi (1.17.2-x86_64-linux-musl)
    gemojione (4.3.3)
      json
    github-markdown (0.6.9)
    github-markup (4.0.2)
    gollum (5.3.3)
      gemojione (~> 4.1)
      gollum-lib (>= 5.2.3, < 6.0)
      i18n (~> 1.8)
      kramdown (~> 2.3)
      kramdown-parser-gfm (~> 1.1.0)
      mustache-sinatra (~> 2.0)
      octicons (~> 12.0)
      rdoc (~> 6)
      rss (~> 0.2.9)
      sass (~> 3.5)
      sinatra (~> 2.0)
      sinatra-contrib (~> 2.0)
      sprockets (~> 3.7)
      sprockets-helpers (~> 1.2)
      therubyrhino (~> 2.1.0)
      uglifier (~> 4.2)
      useragent (~> 0.16.2)
      webrick (~> 1.7)
    gollum-lib (5.2.4)
      gemojione (~> 4.1)
      github-markup (~> 4.0)
      gollum-rugged_adapter (~> 2.0)
      loofah (~> 2.3)
      nokogiri (~> 1.8)
      octicons (~> 12.0)
      rouge (~> 3.1)
      twitter-text (= 1.14.7)
    gollum-rugged_adapter (2.1.0)
      mime-types (~> 3.4)
      rugged (~> 1.5)
    i18n (1.14.7)
      concurrent-ruby (~> 1.0)
    json (2.13.0)
    kramdown (2.5.1)
      rexml (>= 3.3.9)
    kramdown-parser-gfm (1.1.0)
      kramdown (~> 2.0)
    logger (1.7.0)
    loofah (2.24.1)
      crass (~> 1.0.2)
      nokogiri (>= 1.12.0)
    mime-types (3.7.0)
      logger
      mime-types-data (~> 3.2025, >= 3.2025.0507)
    mime-types-data (3.2025.0715)
    multi_json (1.17.0)
    mustache (1.1.1)
    mustache-sinatra (2.0.0)
      mustache (~> 1.0)
    mustermann (2.0.2)
      ruby2_keywords (~> 0.0.1)
    nio4r (2.7.4)
    nokogiri (1.18.8-aarch64-linux-gnu)
      racc (~> 1.4)
    nokogiri (1.18.8-aarch64-linux-musl)
      racc (~> 1.4)
    nokogiri (1.18.8-arm-linux-gnu)
      racc (~> 1.4)
    nokogiri (1.18.8-arm-linux-musl)
      racc (~> 1.4)
    nokogiri (1.18.8-arm64-darwin)
      racc (~> 1.4)
    nokogiri (1.18.8-x86_64-darwin)
      racc (~> 1.4)
    nokogiri (1.18.8-x86_64-linux-gnu)
      racc (~> 1.4)
    nokogiri (1.18.8-x86_64-linux-musl)
      racc (~> 1.4)
    octicons (12.1.0)
      nokogiri (>= 1.6.3.1)
    psych (5.2.6)
      date
      stringio
    puma (6.6.0)
      nio4r (~> 2.0)
    racc (1.8.1)
    rack (2.2.17)
    rack-protection (2.2.4)
      rack
    rb-fsevent (0.11.2)
    rb-inotify (0.11.1)
      ffi (~> 1.0)
    rdoc (6.14.2)
      erb
      psych (>= 4.0.0)
    redcarpet (3.6.1)
    rexml (3.4.1)
    rouge (3.30.0)
    rss (0.2.9)
      rexml
    ruby2_keywords (0.0.5)
    rugged (1.9.0)
    sass (3.7.4)
      sass-listen (~> 4.0.0)
    sass-listen (4.0.0)
      rb-fsevent (~> 0.9, >= 0.9.4)
      rb-inotify (~> 0.9, >= 0.9.7)
    sinatra (2.2.4)
      mustermann (~> 2.0)
      rack (~> 2.2)
      rack-protection (= 2.2.4)
      tilt (~> 2.0)
    sinatra-contrib (2.2.4)
      multi_json
      mustermann (~> 2.0)
      rack-protection (= 2.2.4)
      sinatra (= 2.2.4)
      tilt (~> 2.0)
    sprockets (3.7.5)
      base64
      concurrent-ruby (~> 1.0)
      rack (> 1, < 3)
    sprockets-helpers (1.4.0)
      sprockets (>= 2.2)
    stringio (3.1.7)
    therubyrhino (2.1.2)
      therubyrhino_jar (>= 1.7.4, < 1.7.9)
    therubyrhino_jar (1.7.8)
    tilt (2.6.1)
    twitter-text (1.14.7)
      unf (~> 0.1.0)
    uglifier (4.2.1)
      execjs (>= 0.3.0, < 3)
    unf (0.1.4)
      unf_ext
    unf_ext (0.0.9.1)
    useragent (0.16.11)
    webrick (1.9.1)

PLATFORMS
  aarch64-linux-gnu
  aarch64-linux-musl
  arm-linux-gnu
  arm-linux-musl
  arm64-darwin
  x86_64-darwin
  x86_64-linux-gnu
  x86_64-linux-musl

DEPENDENCIES
  github-markdown (~> 0.6)
  gollum (~> 5.3)
  puma (~> 6.0)
  redcarpet (~> 3.6)
  rugged (~> 1.6)

BUNDLED WITH
   2.7.0
